PATH
  remote: .
  specs:
    archive_today (0.1.0)

GEM
  remote: https://rubygems.org/
  specs:
    faraday (1.0.1)
      multipart-post (>= 1.2, < 3)
    faraday_middleware (1.0.0)
      faraday (~> 1.0)
    mini_portile2 (2.4.0)
    multipart-post (2.1.1)
    nokogiri (1.10.10)
      mini_portile2 (~> 2.4.0)
    rake (12.3.2)

PLATFORMS
  ruby

DEPENDENCIES
  archive_today!
  faraday (~> 1.0)
  faraday_middleware (~> 1.0)
  nokogiri (~> 1.10)
  rake (~> 12.0)

BUNDLED WITH
   2.1.4
